GIT
  remote: https://github.com/rspec/rspec-core
  revision: 96450f8468baf601b9e5c00c08bcac18013426ff
  specs:
    rspec-core (3.9.0.pre)
      rspec-support (= 3.9.0.pre)

GIT
  remote: https://github.com/rspec/rspec-expectations
  revision: 31f108eae68e31ee65f0622c9ef4a488a1602943
  specs:
    rspec-expectations (3.9.0.pre)
      diff-lcs (>= 1.2.0, < 2.0)
      rspec-support (= 3.9.0.pre)

GIT
  remote: https://github.com/rspec/rspec-mocks
  revision: 8ee8d692885ea2d4713c01d0ee6ba3ef2a3251c9
  specs:
    rspec-mocks (3.9.0.pre)
      diff-lcs (>= 1.2.0, < 2.0)
      rspec-support (= 3.9.0.pre)

GIT
  remote: https://github.com/rspec/rspec-support
  revision: 9940a8656071655b807f772f36101b4d27f1b67d
  specs:
    rspec-support (3.9.0.pre)

PATH
  remote: .
  specs:
    super_diff (0.0.1)
      diff-lcs
      patience_diff

GEM
  remote: https://rubygems.org/
  specs:
    ast (2.4.0)
    childprocess (0.9.0)
      ffi (~> 1.0, >= 1.0.11)
    coderay (1.1.2)
    diff-lcs (1.3)
    ffi (1.9.25)
    ffi (1.9.25-java)
    jaro_winkler (1.5.1)
    jaro_winkler (1.5.1-java)
    method_source (0.8.2)
    parallel (1.12.1)
    parser (2.5.1.2)
      ast (~> 2.4.0)
    patience_diff (1.1.0)
      trollop (~> 1.16)
    powerpack (0.1.2)
    pry (0.10.4)
      coderay (~> 1.1.0)
      method_source (~> 0.8.1)
      slop (~> 3.4)
    pry (0.10.4-java)
      coderay (~> 1.1.0)
      method_source (~> 0.8.1)
      slop (~> 3.4)
      spoon (~> 0.0)
    pry-nav (0.2.4)
      pry (>= 0.9.10, < 0.11.0)
    rainbow (3.0.0)
    rake (12.3.1)
    rubocop (0.58.2)
      jaro_winkler (~> 1.5.1)
      parallel (~> 1.10)
      parser (>= 2.5, != 2.5.1.1)
      powerpack (~> 0.1)
      rainbow (>= 2.2.2, < 4.0)
      ruby-progressbar (~> 1.7)
      unicode-display_width (~> 1.0, >= 1.0.1)
    ruby-progressbar (1.10.0)
    slop (3.6.0)
    spoon (0.0.6)
      ffi
    trollop (1.16.2)
    unicode-display_width (1.4.0)

PLATFORMS
  java
  ruby

DEPENDENCIES
  childprocess
  pry-nav
  rake
  rspec-core!
  rspec-expectations!
  rspec-mocks!
  rspec-support!
  rubocop
  super_diff!

BUNDLED WITH
   1.16.5
